GIT
  remote: https://github.com/seuros/capistrano-puma.git
  revision: dd9b8b7653f8eebc6bf2c96804303169da7cede8
  specs:
    capistrano3-puma (6.0.0)
      capistrano (~> 3.7)
      capistrano-bundler
      puma (>= 5.1, < 7.0)

GEM
  remote: https://rubygems.org/
  specs:
    airbrussh (1.5.3)
      sshkit (>= 1.6.1, != 1.7.0)
    base64 (0.2.0)
    bcrypt_pbkdf (1.1.1)
    capistrano (3.19.2)
      airbrussh (>= 1.0.0)
      i18n
      rake (>= 10.0.0)
      sshkit (>= 1.9.0)
    capistrano-bundler (2.1.1)
      capistrano (~> 3.1)
    capistrano-rails (1.7.0)
      capistrano (~> 3.1)
      capistrano-bundler (>= 1.1, < 3)
    capistrano-rbenv (2.2.0)
      capistrano (~> 3.1)
      sshkit (~> 1.3)
    concurrent-ruby (1.3.5)
    ed25519 (1.3.0)
    i18n (1.14.7)
      concurrent-ruby (~> 1.0)
    logger (1.7.0)
    net-scp (4.1.0)
      net-ssh (>= 2.6.5, < 8.0.0)
    net-sftp (4.0.0)
      net-ssh (>= 5.0.0, < 8.0.0)
    net-ssh (7.3.0)
    nio4r (2.7.4)
    ostruct (0.6.1)
    puma (6.6.0)
      nio4r (~> 2.0)
    rake (13.2.1)
    sshkit (1.24.0)
      base64
      logger
      net-scp (>= 1.1.2)
      net-sftp (>= 2.1.2)
      net-ssh (>= 2.8.0)
      ostruct

PLATFORMS
  arm64-darwin-24
  ruby

DEPENDENCIES
  bcrypt_pbkdf
  capistrano-bundler
  capistrano-rails
  capistrano-rbenv
  capistrano3-puma!
  ed25519

RUBY VERSION
   ruby 3.4.2p28

BUNDLED WITH
   2.6.2
